GEM
  remote: https://rubygems.org/
  specs:
    rack (1.6.13)
    rack-protection (1.5.5)
      rack
    sinatra (1.4.8)
      rack (~> 1.5)
      rack-protection (~> 1.4)
      tilt (>= 1.3, < 3)
    tilt (2.0.10)

PLATFORMS
  universal-darwin-20

DEPENDENCIES
  sinatra (~> 1.4)

BUNDLED WITH
   2.3.13
